PATH
  remote: .
  specs:
    heroku_api_stub (0.1.6)
      multi_json (> 0.0)
      sinatra (> 0.0)

GEM
  remote: https://rubygems.org/
  specs:
    multi_json (1.7.7)
    rack (1.5.2)
    rack-protection (1.5.0)
      rack
    rack-test (0.6.2)
      rack (>= 1.0)
    sinatra (1.4.3)
      rack (~> 1.4)
      rack-protection (~> 1.4)
      tilt (~> 1.3, >= 1.3.4)
    tilt (1.4.1)

PLATFORMS
  ruby

DEPENDENCIES
  heroku_api_stub!
  rack-test
