PATH
  remote: .
  specs:
    heroku_api_stub (0.1.0)
      multi_json (> 0.0)
      rack-instruments (> 0.0)
      sinatra (> 0.0)

GEM
  remote: https://rubygems.org/
  specs:
    multi_json (1.7.7)
    rack (1.5.2)
    rack-instruments (0.3.1)
      slides (~> 0.2.0)
    rack-protection (1.5.0)
      rack
    sinatra (1.4.3)
      rack (~> 1.4)
      rack-protection (~> 1.4)
      tilt (~> 1.3, >= 1.3.4)
    slides (0.2.0)
    tilt (1.4.1)

PLATFORMS
  ruby

DEPENDENCIES
  heroku_api_stub!
